GIT
  remote: git://github.com/uqbar-project/gobstones-spec.git
  revision: 81a1d3f8ecf2296af8c9182016460fed586d0868
  branch: master
  specs:
    gobstones-spec (0.1.0)

GEM
  remote: https://rubygems.org/
  specs:
    diff-lcs (1.2.5)
    rspec (2.13.0)
      rspec-core (~> 2.13.0)
      rspec-expectations (~> 2.13.0)
      rspec-mocks (~> 2.13.0)
    rspec-core (2.13.1)
    rspec-expectations (2.13.0)
      diff-lcs (>= 1.1.3, < 2.0)
    rspec-mocks (2.13.1)

PLATFORMS
  ruby

DEPENDENCIES
  gobstones-spec!
  rspec
